GEM
  remote: https://rubygems.org/
  specs:
    awesome_print (1.6.1)
    byebug (4.0.3)
      columnize (= 0.9.0)
    columnize (0.9.0)
    confire (0.1.2)
    fast_trie (0.5.0)
    log4r (1.1.10)
    minitest (5.5.1)
    minitest-byebug (0.0.3)
      byebug
      minitest (~> 5.0)
    term-ansicolor (1.3.0)
      tins (~> 1.0)
    tins (1.3.5)

PLATFORMS
  ruby

DEPENDENCIES
  awesome_print (~> 1.6.1)
  byebug (~> 4.0.3)
  confire
  fast_trie
  log4r (~> 1.1.10)
  minitest-byebug (~> 0.0.3)
  term-ansicolor (~> 1.3.0)
